GEM
  remote: https://rubygems.org/
  specs:
    yaml (0.2.0)

PLATFORMS
  ruby

DEPENDENCIES
  yaml (~> 0.2.0)

BUNDLED WITH
   2.1.4
